NUGET
  remote: https://nuget.org/api/v2
  specs:
    Topshelf (3.1.3) - framework: >= net45
